NUGET
  remote: https://nuget.org/api/v2
  specs:
    FSharp.Core.3 (0.0.2)
    Intelliplan.JsonNet (2.0.0)
      FSharp.Core.3 (>= 0.0.2)
      Newtonsoft.Json (>= 6.0.5)
    Newtonsoft.Json (6.0.6)
